GEM
  remote: https://rubygems.org/
  specs:
    addressable (2.3.8)
    aescrypt (1.0.0)
    archive (0.0.6)
      ffi (~> 1.9.3)
    blankslate (2.1.2.4)
    coderay (1.1.0)
    dell-asm-util (0.1.0)
      aescrypt (~> 1.0.0)
      hashie (>= 2.0.5)
      i18n (~> 0.6.5)
      net-ssh (~> 2.7)
      nokogiri (~> 1.6.8)
      pry (~> 0.10)
      rest-client (= 1.8.0)
      trollop (~> 2.0)
    diff-lcs (1.3)
    docile (1.1.5)
    domain_name (0.5.20160128)
      unf (>= 0.0.5, < 1.0.0)
    edn (1.0.0)
      parslet (~> 1.4.0)
    fabrication (2.7.2)
    faker (1.2.0)
      i18n (~> 0.5)
    fast_gettext (1.1.0)
    ffi (1.9.18-java)
    gettext (3.1.1)
      locale (>= 2.0.5)
      text
    gettext-setup (0.29)
      fast_gettext (~> 1.1.0)
      gettext (>= 3.0.2)
      locale
    hashie (2.0.5)
    http-cookie (1.0.2)
      domain_name (~> 0.5)
    i18n (0.6.9)
    jdbc-postgres (9.4.1206)
    json (2.1.0-java)
    json-schema (2.6.2)
      addressable (~> 2.3.8)
    kramdown (1.14.0)
    locale (2.1.2)
    method_source (0.8.2)
    mime-types (2.99)
    net-ssh (2.9.4)
    netrc (0.11.0)
    nokogiri (1.6.8-java)
    parslet (1.4.0)
      blankslate (~> 2.0)
    pry (0.10.3-java)
      coderay (~> 1.1.0)
      method_source (~> 0.8.1)
      slop (~> 3.4)
      spoon (~> 0.0)
    rack (1.6.8)
    rack-protection (1.5.3)
      rack
    rack-test (0.7.0)
      rack (>= 1.0, < 3)
    rake (12.2.1)
    rest-client (1.8.0)
      http-cookie (>= 1.0.2, < 2.0)
      mime-types (>= 1.16, < 3.0)
      netrc (~> 0.7)
    rspec (2.13.0)
      rspec-core (~> 2.13.0)
      rspec-expectations (~> 2.13.0)
      rspec-mocks (~> 2.13.0)
    rspec-core (2.13.1)
    rspec-expectations (2.13.0)
      diff-lcs (>= 1.1.3, < 2.0)
    rspec-mocks (2.13.1)
    sequel (4.9.0)
    simplecov (0.15.1)
      docile (~> 1.1.0)
      json (>= 1.8, < 3)
      simplecov-html (~> 0.10.0)
    simplecov-html (0.10.2)
    sinatra (1.4.8)
      rack (~> 1.5)
      rack-protection (~> 1.4)
      tilt (>= 1.3, < 3)
    slop (3.6.0)
    spoon (0.0.4)
      ffi
    text (1.3.1)
    thor (0.20.0)
    tilt (2.0.8)
    timecop (0.9.1)
    torquebox (3.1.2)
      thor (>= 0.14.6)
      torquebox-cache (= 3.1.2)
      torquebox-configure (= 3.1.2)
      torquebox-core (= 3.1.2)
      torquebox-messaging (= 3.1.2)
      torquebox-naming (= 3.1.2)
      torquebox-rake-support (= 3.1.2)
      torquebox-security (= 3.1.2)
      torquebox-stomp (= 3.1.2)
      torquebox-transactions (= 3.1.2)
      torquebox-web (= 3.1.2)
    torquebox-cache (3.1.2-java)
      torquebox-core (= 3.1.2)
      torquebox-transactions (= 3.1.2)
    torquebox-configure (3.1.2-java)
      blankslate (= 2.1.2.4)
    torquebox-core (3.1.2-java)
      edn (= 1.0.0)
    torquebox-messaging (3.1.2-java)
      torquebox-core (= 3.1.2)
      torquebox-transactions (= 3.1.2)
    torquebox-naming (3.1.2-java)
      torquebox-core (= 3.1.2)
    torquebox-rake-support (3.1.2)
      rake (>= 0.8.7)
    torquebox-security (3.1.2-java)
      torquebox-core (= 3.1.2)
    torquebox-server (3.1.2-java)
      torquebox (= 3.1.2)
    torquebox-stomp (3.1.2)
      torquebox-core (= 3.1.2)
      torquebox-messaging (= 3.1.2)
    torquebox-transactions (3.1.2)
      torquebox-core (= 3.1.2)
    torquebox-web (3.1.2-java)
    trollop (2.1.2)
    unf (0.1.4-java)
    unix-crypt (1.1.1)
    yard (0.9.12)

PLATFORMS
  java

DEPENDENCIES
  aescrypt
  archive
  dell-asm-util (~> 0.1.0)
  fabrication (~> 2.7.2)
  faker (~> 1.2.0)
  fast_gettext (~> 1.1.0)
  gettext (~> 3.1.1)
  gettext-setup
  hashie (~> 2.0.5)
  jdbc-postgres (= 9.4.1206)
  json-schema (= 2.6.2)
  kramdown (~> 1.14.0)
  rack-test (~> 0.7.0)
  rake (~> 12.2.1)
  rest-client
  rspec (~> 2.13.0)
  rspec-core (~> 2.13.1)
  rspec-expectations (~> 2.13.0)
  rspec-mocks (~> 2.13.1)
  sequel (= 4.9)
  simplecov
  sinatra (~> 1.4.4)
  timecop
  torquebox (~> 3.1.2)
  torquebox-server (~> 3.1.2)
  unix-crypt (~> 1.1.1)
  yard (~> 0.9.11)

BUNDLED WITH
   1.10.6
